GEM
  remote: https://rubygems.org/
  specs:
    childprocess (3.0.0)
    concurrent-ruby (1.1.6)
    csv (3.1.2)
    et-orbi (1.2.4)
      tzinfo
    fugit (1.3.4)
      et-orbi (~> 1.1, >= 1.1.8)
      raabro (~> 1.1)
    headless (2.3.1)
    raabro (1.1.6)
    regexp_parser (1.7.0)
    rubyzip (2.3.0)
    rufus-scheduler (3.6.0)
      fugit (~> 1.1, >= 1.1.6)
    selenium-webdriver (3.142.7)
      childprocess (>= 0.5, < 4.0)
      rubyzip (>= 1.2.2)
    tzinfo (2.0.2)
      concurrent-ruby (~> 1.0)
    watir (6.16.5)
      regexp_parser (~> 1.2)
      selenium-webdriver (~> 3.6)
    xvfb (1.0.4)

PLATFORMS
  ruby

DEPENDENCIES
  csv
  headless
  rufus-scheduler
  selenium-webdriver
  watir
  xvfb

BUNDLED WITH
   2.1.4
